PATH
  remote: .
  specs:
    mongoid (1.9.5)
      activesupport (< 3.0.0)
      durran-validatable (>= 2.0.1)
      mongo (~> 1.12.5)
      will_paginate (< 2.9)

GEM
  remote: http://rubygems.org/
  specs:
    activesupport (2.3.18)
    bson (1.12.5)
    durran-validatable (2.0.1)
    iconv (1.0.4)
    mocha (0.9.8)
      rake
    mongo (1.12.5)
      bson (= 1.12.5)
    rake (10.1.0)
    rspec (1.3.0)
    will_paginate (2.3.16)

PLATFORMS
  ruby

DEPENDENCIES
  iconv (~> 1.0.3)
  mocha (= 0.9.8)
  mongoid!
  rspec (= 1.3.0)

BUNDLED WITH
   1.10.6
