PATH
  remote: .
  specs:
    mongoid (1.9.5)
      activesupport (< 3.0.0)
      bson (~> 4.0.0)
      durran-validatable (>= 2.0.1)
      mongo (~> 2.2.5)
      will_paginate (< 2.9)

GEM
  remote: http://rubygems.org/
  specs:
    activesupport (2.3.18)
    bson (4.0.4)
    durran-validatable (2.0.1)
    mocha (0.9.8)
      rake
    mongo (2.2.5)
      bson (~> 4.0)
    rake (10.1.0)
    rspec (1.3.0)
    will_paginate (2.3.16)

PLATFORMS
  ruby

DEPENDENCIES
  mocha (= 0.9.8)
  mongoid!
  rspec (= 1.3.0)

BUNDLED WITH
   1.10.6
